{
    "Modality": "MR",
    "MagneticFieldStrength": 3,
    "ImagingFrequency": 123.193,
    "Manufacturer": "Siemens",
    "ManufacturersModelName": "Trio",
    "InstitutionName": "Life&Brain - NeuroCognition",
    "InstitutionAddress": "25Sigmund-Freund-Strasse, Bonn, Koeln, 53127, DE",
    "DeviceSerialNumber": "20619",
    "StationName": "MRC20619",
    "PatientPosition": "HFS",
    "ProcedureStepDescription": "VBM 3 Tesla",
    "SoftwareVersions": "syngo MR A30 4VA30A",
    "MRAcquisitionType": "2D",
    "SeriesDescription": "flair_tra_4mm 0.7x0.7",
    "ProtocolName": "flair_tra_4mm 0.7x0.7",
    "ScanningSequence": "IR\\SE",
    "SequenceVariant": "SK\\SP\\MP\\OSP",
    "ScanOptions": "IR",
    "SequenceName": "*tir2d1rs15",
    "ImageType": [
        "ORIGINAL",
        "PRIMARY",
        "M",
        "ND",
        "NORM"
    ],
    "SeriesNumber": 7,
    "AcquisitionTime": "15:11:12.370000",
    "AcquisitionNumber": 1,
    "SliceThickness": 4,
    "SpacingBetweenSlices": 4.4,
    "SAR": 0.302493,
    "EchoTime": 0.106,
    "RepetitionTime": 9.3,
    "InversionTime": 2.5,
    "FlipAngle": 150,
    "PartialFourier": 1,
    "BaseResolution": 320,
    "ShimSetting": [
        2931,
        -5823,
        3128,
        855,
        551,
        -767,
        -1588,
        -104
    ],
    "TxRefAmp": 270.443,
    "PhaseResolution": 1,
    "ReceiveCoilName": "8_Channel_Head",
    "CoilString": "PH1-8",
    "PulseSequenceDetails": "%SiemensSeq%\\tse",
    "PercentPhaseFOV": 87.5,
    "PercentSampling": 100,
    "EchoTrainLength": 15,
    "PhaseEncodingSteps": 285,
    "AcquisitionMatrixPE": 280,
    "ReconMatrixPE": 280,
    "PixelBandwidth": 200,
    "PhaseEncodingDirection": "i",
    "SliceTiming": [
        0,
        155.297,
        4.64062,
        120.062,
        0.23438,
        155.531,
        4.89062,
        120.312,
        0.46875,
        155.766,
        5.125,
        120.547,
        0.71875,
        156.016,
        5.35938,
        120.781,
        0.95312,
        156.25,
        5.59375,
        121.016,
        1.1875,
        156.484,
        5.84375,
        121.266,
        1.42188,
        156.734,
        6.07812,
        121.5,
        1.67188,
        156.969,
        6.3125,
        121.734,
        1.90625,
        157.203,
        6.5625
    ],
    "ImageOrientationPatientDICOM": [
        0.997197,
        0.0641351,
        -0.0385368,
        -0.0654642,
        0.997266,
        -0.0342766
    ],
    "InPlanePhaseEncodingDirectionDICOM": "ROW",
    "ConversionSoftware": "dcm2niix",
    "ConversionSoftwareVersion": "v1.0.20201102",
    "Dcm2bidsVersion": "3.0.2"
}