{
    "Modality": "MR",
    "MagneticFieldStrength": 3,
    "ImagingFrequency": 123.212,
    "Manufacturer": "Siemens",
    "ManufacturersModelName": "TrioTim",
    "InstitutionName": "Life u. Brain GmbH",
    "InstitutionAddress": "Sigmund-Freund-Strasse 25,Bonn,Koeln,DE,53127",
    "DeviceSerialNumber": "35083",
    "StationName": "MRC35083",
    "PatientPosition": "HFS",
    "ProcedureStepDescription": "Spektroskopie",
    "SoftwareVersions": "syngo MR B17",
    "MRAcquisitionType": "3D",
    "SeriesDescription": "flair_32ch_iso_1.0",
    "ProtocolName": "flair_32ch_iso_1.0",
    "ScanningSequence": "SE\\IR",
    "SequenceVariant": "SK\\SP\\MP",
    "ScanOptions": "IR\\PFP",
    "SequenceName": "*spcir3d1_282ns",
    "ImageType": [
        "ORIGINAL",
        "PRIMARY",
        "M",
        "ND",
        "NORM"
    ],
    "SeriesNumber": 4,
    "AcquisitionTime": "15:25:24.037500",
    "AcquisitionNumber": 1,
    "SliceThickness": 1,
    "SAR": 0.14849,
    "EchoTime": 0.388,
    "RepetitionTime": 6,
    "InversionTime": 2.1,
    "FlipAngle": 120,
    "PartialFourier": 1,
    "BaseResolution": 256,
    "ShimSetting": [
        12639,
        -27060,
        11596,
        440,
        17,
        -193,
        368,
        8
    ],
    "TxRefAmp": 315.86,
    "PhaseResolution": 1.00781,
    "ReceiveCoilName": "32Ch_Head",
    "PulseSequenceDetails": "%SiemensSeq%\\tse_vfl",
    "RefLinesPE": 24,
    "PercentPhaseFOV": 100,
    "PercentSampling": 100.781,
    "EchoTrainLength": 141,
    "PhaseEncodingSteps": 234,
    "AcquisitionMatrixPE": 258,
    "ReconMatrixPE": 256,
    "ParallelReductionFactorInPlane": 2,
    "PixelBandwidth": 781,
    "PhaseEncodingDirection": "i",
    "ImageOrientationPatientDICOM": [
        0.0826172,
        0.992181,
        -0.0935507,
        0.0134581,
        -0.0949738,
        -0.995389
    ],
    "InPlanePhaseEncodingDirectionDICOM": "ROW",
    "ConversionSoftware": "dcm2niix",
    "ConversionSoftwareVersion": "v1.0.20201102",
    "Dcm2bidsVersion": "3.0.2"
}