{
    "Modality": "MR",
    "MagneticFieldStrength": 3,
    "ImagingFrequency": 123.193,
    "Manufacturer": "Siemens",
    "ManufacturersModelName": "Trio",
    "InstitutionName": "Life&Brain - NeuroCognition-3T",
    "InstitutionAddress": "25Sigmund-Freund-Strasse, Bonn, Koeln, 53127, DE",
    "DeviceSerialNumber": "20619",
    "StationName": "MRC20619",
    "PatientPosition": "HFS",
    "ProcedureStepDescription": "L&B_3T^Spezialprogramme",
    "SoftwareVersions": "syngo MR A30 4VA30A",
    "MRAcquisitionType": "3D",
    "SeriesDescription": "flair_tse3dvfl_opt_fov_big",
    "ProtocolName": "flair_tse3dvfl_opt_fov_big",
    "ScanningSequence": "IR\\SE",
    "SequenceVariant": "SK\\SP\\MP",
    "ScanOptions": "IR",
    "SequenceName": "tir3d1_255ns",
    "ImageType": [
        "ORIGINAL",
        "PRIMARY",
        "M",
        "ND",
        "NORM"
    ],
    "SeriesNumber": 3,
    "AcquisitionTime": "08:16:7.692490",
    "AcquisitionNumber": 1,
    "SliceThickness": 1,
    "SAR": 0.148046,
    "EchoTime": 0.372,
    "RepetitionTime": 7,
    "InversionTime": 2.22,
    "FlipAngle": 120,
    "PartialFourier": 1,
    "BaseResolution": 256,
    "ShimSetting": [
        2963,
        -5829,
        3012,
        453,
        463,
        671,
        -1393,
        -942
    ],
    "TxRefAmp": 264.332,
    "PhaseResolution": 0.996094,
    "ReceiveCoilName": "8_Channel_Head",
    "CoilString": "PH1-8",
    "PulseSequenceDetails": "%CustomerSeq%\\tse_vfl",
    "PercentPhaseFOV": 100,
    "PercentSampling": 99.6094,
    "EchoTrainLength": 255,
    "PhaseEncodingSteps": 255,
    "AcquisitionMatrixPE": 255,
    "ReconMatrixPE": 256,
    "PixelBandwidth": 930,
    "PhaseEncodingDirection": "i",
    "ImageOrientationPatientDICOM": [
        0.0585335,
        0.998285,
        4.18144e-09,
        0.0235044,
        -0.00137815,
        -0.999723
    ],
    "InPlanePhaseEncodingDirectionDICOM": "ROW",
    "ConversionSoftware": "dcm2niix",
    "ConversionSoftwareVersion": "v1.0.20201102",
    "Dcm2bidsVersion": "3.0.2"
}