{
    "Modality": "MR",
    "MagneticFieldStrength": 3,
    "ImagingFrequency": 123.212,
    "Manufacturer": "Siemens",
    "ManufacturersModelName": "TrioTim",
    "InstitutionName": "Epileptologie",
    "InstitutionalDepartmentName": "Department",
    "InstitutionAddress": "Sigmund-Freund-Strasse 25,Bonn,Koeln,DE,53127",
    "DeviceSerialNumber": "35083",
    "StationName": "MRC35083",
    "PatientPosition": "HFS",
    "ProcedureStepDescription": "Struktur_3T_temp",
    "SoftwareVersions": "syngo MR B17",
    "MRAcquisitionType": "3D",
    "SeriesDescription": "flair_32ch_iso_1.0_T2sel",
    "ProtocolName": "flair_32ch_iso_1.0_T2sel",
    "ScanningSequence": "SE\\IR",
    "SequenceVariant": "SK\\SP\\MP",
    "ScanOptions": "IR\\PFP\\SAT1",
    "SequenceName": "*spcir3d1_286ns",
    "ImageType": [
        "ORIGINAL",
        "PRIMARY",
        "M",
        "ND",
        "NORM"
    ],
    "SeriesNumber": 4,
    "AcquisitionTime": "10:12:57.540000",
    "AcquisitionNumber": 1,
    "SliceThickness": 1,
    "SAR": 0.195423,
    "EchoTime": 0.388,
    "RepetitionTime": 5,
    "InversionTime": 1.8,
    "FlipAngle": 120,
    "PartialFourier": 1,
    "BaseResolution": 256,
    "ShimSetting": [
        12637,
        -27041,
        11512,
        514,
        -84,
        -352,
        111,
        -39
    ],
    "TxRefAmp": 310.515,
    "PhaseResolution": 1.02344,
    "ReceiveCoilName": "32Ch_Head",
    "CoilString": "C:HEA;HEP",
    "PulseSequenceDetails": "%SiemensSeq%\\tse_vfl",
    "RefLinesPE": 24,
    "PercentPhaseFOV": 100,
    "PercentSampling": 102.344,
    "EchoTrainLength": 143,
    "PhaseEncodingSteps": 236,
    "AcquisitionMatrixPE": 262,
    "ReconMatrixPE": 256,
    "ParallelReductionFactorInPlane": 2,
    "PixelBandwidth": 781,
    "DwellTime": 2.5e-06,
    "PhaseEncodingDirection": "i",
    "ImageOrientationPatientDICOM": [
        0.0940314,
        0.973397,
        -0.208939,
        0.0185666,
        -0.211547,
        -0.977191
    ],
    "InPlanePhaseEncodingDirectionDICOM": "ROW",
    "ConversionSoftware": "dcm2niix",
    "ConversionSoftwareVersion": "v1.0.20201102",
    "Dcm2bidsVersion": "3.0.2"
}