{
    "Modality": "MR",
    "MagneticFieldStrength": 3,
    "ImagingFrequency": 123.245,
    "Manufacturer": "Siemens",
    "ManufacturersModelName": "Trio",
    "InstitutionName": "Life&Brain - NeuroCognition-3T",
    "InstitutionAddress": "25Sigmund-Freund-Strasse, Bonn, Koeln, 53127, DE",
    "DeviceSerialNumber": "20619",
    "StationName": "MRC20619",
    "PatientPosition": "HFS",
    "ProcedureStepDescription": "Struktur_3T_temp",
    "SoftwareVersions": "syngo MR A30 4VA30A",
    "MRAcquisitionType": "2D",
    "SeriesDescription": "flair_tra_acpc_VNS",
    "ProtocolName": "flair_tra_acpc_VNS",
    "ScanningSequence": "IR\\SE",
    "SequenceVariant": "SK\\SP\\MP\\OSP",
    "ScanOptions": "IR",
    "SequenceName": "*tir2d1rs15",
    "ImageType": [
        "ORIGINAL",
        "PRIMARY",
        "M",
        "ND"
    ],
    "SeriesNumber": 3,
    "AcquisitionTime": "11:54:4.320010",
    "AcquisitionNumber": 1,
    "SliceThickness": 4,
    "SpacingBetweenSlices": 5.2,
    "SAR": 0.191396,
    "EchoTime": 0.097,
    "RepetitionTime": 10,
    "InversionTime": 2.5,
    "FlipAngle": 150,
    "PartialFourier": 1,
    "BaseResolution": 320,
    "ShimSetting": [
        2933,
        -5843,
        3133,
        1157,
        635,
        -1307,
        288,
        -574
    ],
    "TxRefAmp": 157.739,
    "PhaseResolution": 0.8,
    "ReceiveCoilName": "CP_Head",
    "CoilString": "HE",
    "PulseSequenceDetails": "%SiemensSeq%\\tse",
    "PercentPhaseFOV": 100,
    "PercentSampling": 80,
    "EchoTrainLength": 15,
    "PhaseEncodingSteps": 270,
    "AcquisitionMatrixPE": 256,
    "ReconMatrixPE": 320,
    "PixelBandwidth": 200,
    "PhaseEncodingDirection": "i",
    "SliceTiming": [
        0,
        120,
        5.09375,
        125.094,
        0.1875,
        120.195,
        5.28906,
        125.289,
        0.38281,
        120.383,
        5.47656,
        125.477,
        0.57031,
        120.57,
        5.66406,
        125.664,
        0.76562,
        120.766,
        5.85938,
        125.859,
        0.95312,
        120.953,
        6.04688,
        126.047,
        1.14062,
        121.148,
        6.23438,
        126.242,
        1.33594,
        121.336
    ],
    "ImageOrientationPatientDICOM": [
        1,
        -2.03744e-10,
        -2.3574e-11,
        2.05103e-10,
        0.993373,
        0.114937
    ],
    "InPlanePhaseEncodingDirectionDICOM": "ROW",
    "ConversionSoftware": "dcm2niix",
    "ConversionSoftwareVersion": "v1.0.20201102",
    "Dcm2bidsVersion": "3.0.2"
}