{
    "Modality": "MR",
    "MagneticFieldStrength": 2.89362,
    "ImagingFrequency": 123.193,
    "Manufacturer": "Siemens",
    "ManufacturersModelName": "Trio",
    "InstitutionName": "Life&Brain - NeuroCognition-3T",
    "InstitutionAddress": "25Sigmund-Freund-Strasse, Bonn, Koeln, 53127, Deutschland",
    "DeviceSerialNumber": "20619",
    "StationName": "MRC20619",
    "PatientPosition": "HFS",
    "ProcedureStepDescription": "L&B_3T^Epilepsie Struktur_3T",
    "SoftwareVersions": "syngo MR 2004A 4VA25A",
    "MRAcquisitionType": "2D",
    "SeriesDescription": "flair_cor_4mm_0.7x0.7",
    "ProtocolName": "flair_cor_4mm_0.7x0.7",
    "ScanningSequence": "IR\\SE",
    "SequenceVariant": "SK\\SP\\MP\\OSP",
    "ScanOptions": "IR",
    "SequenceName": "*tir2d1rs15",
    "ImageType": [
        "ORIGINAL",
        "PRIMARY",
        "M",
        "ND",
        "NORM"
    ],
    "SeriesNumber": 4,
    "AcquisitionTime": "09:40:38.397520",
    "AcquisitionNumber": 1,
    "SliceThickness": 4,
    "SpacingBetweenSlices": 5.2,
    "SAR": 0.746536,
    "EchoTime": 0.106,
    "RepetitionTime": 9.78,
    "InversionTime": 2.5,
    "FlipAngle": 150,
    "PartialFourier": 1,
    "BaseResolution": 320,
    "ShimSetting": [
        2927,
        -5847,
        3116,
        483,
        285,
        -158,
        399,
        55
    ],
    "TxRefAmp": 282.206,
    "PhaseResolution": 1,
    "ReceiveCoilName": "8_Channel_Head",
    "PulseSequenceDetails": "%SiemensSeq%\\tse",
    "PercentPhaseFOV": 87.5,
    "PercentSampling": 100,
    "EchoTrainLength": 15,
    "PhaseEncodingSteps": 285,
    "AcquisitionMatrixPE": 280,
    "ReconMatrixPE": 280,
    "PixelBandwidth": 200,
    "PhaseEncodingDirection": "i",
    "SliceTiming": [
        0,
        125.383,
        4.89062,
        130.266,
        0.23438,
        125.617,
        5.125,
        130.508,
        0.47656,
        125.859,
        5.36719,
        130.75,
        0.71094,
        126.094,
        5.60156,
        130.984,
        0.95312,
        126.336,
        5.84375,
        131.227,
        1.19531,
        126.57,
        6.07812,
        131.461,
        1.42969,
        126.812,
        6.32031,
        131.703,
        1.67188,
        127.055,
        6.5625,
        131.945,
        1.90625,
        127.289,
        6.79688,
        132.18,
        2.14844,
        127.531,
        7.03906,
        132.422
    ],
    "ImageOrientationPatientDICOM": [
        1,
        0,
        0,
        0,
        0.318959,
        -0.947768
    ],
    "InPlanePhaseEncodingDirectionDICOM": "ROW",
    "ConversionSoftware": "dcm2niix",
    "ConversionSoftwareVersion": "v1.0.20201102",
    "Dcm2bidsVersion": "3.0.2"
}