{
    "Modality": "MR",
    "MagneticFieldStrength": 3,
    "ImagingFrequency": 123.212,
    "Manufacturer": "Siemens",
    "ManufacturersModelName": "TrioTim",
    "InstitutionName": "Life u. Brain GmbH",
    "InstitutionalDepartmentName": "Department",
    "InstitutionAddress": "Sigmund-Freund-Strasse 25,Bonn,Koeln,DE,53127",
    "DeviceSerialNumber": "35083",
    "StationName": "MRC35083",
    "PatientPosition": "HFS",
    "ProcedureStepDescription": "Struktur_3T_temp",
    "SoftwareVersions": "syngo MR B17",
    "MRAcquisitionType": "3D",
    "SeriesDescription": "t1_mpr_32ch_iso_0.8",
    "ProtocolName": "t1_mpr_32ch_iso_0.8",
    "ScanningSequence": "GR\\IR",
    "SequenceVariant": "SP\\MP\\OSP",
    "ScanOptions": "IR",
    "SequenceName": "*tfl3d1_ns",
    "ImageType": [
        "ORIGINAL",
        "PRIMARY",
        "M",
        "ND",
        "NORM"
    ],
    "SeriesNumber": 3,
    "AcquisitionTime": "10:52:35.245000",
    "AcquisitionNumber": 1,
    "SliceThickness": 0.8,
    "SAR": 0.144093,
    "EchoTime": 0.00254,
    "RepetitionTime": 1.66,
    "InversionTime": 0.85,
    "FlipAngle": 9,
    "PartialFourier": 1,
    "BaseResolution": 320,
    "ShimSetting": [
        12667,
        -27339,
        11140,
        48,
        -54,
        -63,
        -58,
        24
    ],
    "TxRefAmp": 319.061,
    "PhaseResolution": 1,
    "PhaseOversampling": 0.4,
    "ReceiveCoilName": "32Ch_Head",
    "CoilString": "C:HEA;HEP",
    "PulseSequenceDetails": "%SiemensSeq%\\tfl",
    "RefLinesPE": 24,
    "PercentPhaseFOV": 100,
    "PercentSampling": 100,
    "PhaseEncodingSteps": 447,
    "AcquisitionMatrixPE": 320,
    "ReconMatrixPE": 320,
    "ParallelReductionFactorInPlane": 2,
    "PixelBandwidth": 180,
    "DwellTime": 8.7e-06,
    "ImageOrientationPatientDICOM": [
        0.0278288,
        0.944027,
        -0.328691,
        0.0506508,
        -0.329728,
        -0.942716
    ],
    "InPlanePhaseEncodingDirectionDICOM": "ROW",
    "ConversionSoftware": "dcm2niix",
    "ConversionSoftwareVersion": "v1.0.20201102",
    "Dcm2bidsVersion": "3.0.2"
}