{
    "Modality": "MR",
    "MagneticFieldStrength": 3,
    "ImagingFrequency": 123.193,
    "Manufacturer": "Siemens",
    "ManufacturersModelName": "Trio",
    "InstitutionName": "Life&Brain - NeuroCognition-3T",
    "InstitutionAddress": "25Sigmund-Freund-Strasse, Bonn, Koeln, 53127, DE",
    "DeviceSerialNumber": "20619",
    "StationName": "MRC20619",
    "PatientPosition": "HFS",
    "ProcedureStepDescription": "VBM 3 Tesla",
    "SoftwareVersions": "syngo MR A30 4VA30A",
    "MRAcquisitionType": "2D",
    "SeriesDescription": "flair_cor_acpc_4mm_0,7x0,7",
    "ProtocolName": "flair_cor_acpc_4mm_0,7x0,7",
    "ScanningSequence": "IR\\SE",
    "SequenceVariant": "SK\\SP\\MP\\OSP",
    "ScanOptions": "IR",
    "SequenceName": "*tir2d1rs17",
    "ImageType": [
        "ORIGINAL",
        "PRIMARY",
        "M",
        "ND"
    ],
    "SeriesNumber": 6,
    "AcquisitionTime": "14:16:47.422510",
    "AcquisitionNumber": 1,
    "SliceThickness": 4,
    "SpacingBetweenSlices": 4.4,
    "SAR": 0.336899,
    "NumberOfAverages": 2,
    "EchoTime": 0.136,
    "RepetitionTime": 9.64,
    "InversionTime": 2.55,
    "FlipAngle": 90,
    "PartialFourier": 1,
    "BaseResolution": 384,
    "ShimSetting": [
        2930,
        -5843,
        3133,
        507,
        513,
        -1026,
        -493,
        -219
    ],
    "TxRefAmp": 321.508,
    "PhaseResolution": 1,
    "ReceiveCoilName": "8_Channel_Head",
    "CoilString": "PH1-8",
    "PulseSequenceDetails": "%SiemensSeq%\\tse",
    "RefLinesPE": 67,
    "PercentPhaseFOV": 87.5,
    "PercentSampling": 100,
    "EchoTrainLength": 17,
    "PhaseEncodingSteps": 339,
    "AcquisitionMatrixPE": 336,
    "ReconMatrixPE": 336,
    "ParallelReductionFactorInPlane": 2,
    "PixelBandwidth": 200,
    "PhaseEncodingDirection": "i",
    "SliceTiming": [
        0,
        170.641,
        4.82812,
        175.578,
        0.21875,
        170.859,
        5.04688,
        175.797,
        0.4375,
        171.078,
        5.26562,
        176.016,
        0.65625,
        171.297,
        5.48438,
        176.234,
        0.875,
        171.516,
        5.70312,
        176.453,
        1.09375,
        171.734,
        5.92188,
        176.672,
        1.3125,
        171.953,
        6.14062,
        176.891,
        1.53125,
        172.172,
        6.35938,
        177.109,
        1.75,
        172.391,
        6.57812
    ],
    "ImageOrientationPatientDICOM": [
        0.999923,
        0.00681318,
        -0.010324,
        -0.0109098,
        0.0924439,
        -0.995658
    ],
    "InPlanePhaseEncodingDirectionDICOM": "ROW",
    "ConversionSoftware": "dcm2niix",
    "ConversionSoftwareVersion": "v1.0.20201102",
    "Dcm2bidsVersion": "3.0.2"
}