{
    "Modality": "MR",
    "MagneticFieldStrength": 3,
    "ImagingFrequency": 123.193,
    "Manufacturer": "Siemens",
    "ManufacturersModelName": "Trio",
    "InstitutionName": "Life&Brain - NeuroCognition",
    "InstitutionAddress": "25Sigmund-Freund-Strasse, Bonn, Koeln, 53127, DE",
    "DeviceSerialNumber": "20619",
    "StationName": "MRC20619",
    "PatientPosition": "HFS",
    "ProcedureStepDescription": "Struktur_3T_temp",
    "SoftwareVersions": "syngo MR A30 4VA30A",
    "MRAcquisitionType": "2D",
    "SeriesDescription": "flair_cor_hipp_4mm_0,7x0,7",
    "ProtocolName": "flair_cor_hipp_4mm_0,7x0,7",
    "ScanningSequence": "IR\\SE",
    "SequenceVariant": "SK\\SP\\MP\\OSP",
    "ScanOptions": "IR",
    "SequenceName": "*tir2d1rs17",
    "ImageType": [
        "ORIGINAL",
        "PRIMARY",
        "M",
        "ND"
    ],
    "SeriesNumber": 7,
    "AcquisitionTime": "15:33:17.450000",
    "AcquisitionNumber": 1,
    "SliceThickness": 4,
    "SpacingBetweenSlices": 4.4,
    "SAR": 0.390475,
    "NumberOfAverages": 2,
    "EchoTime": 0.136,
    "RepetitionTime": 9.64,
    "InversionTime": 2.55,
    "FlipAngle": 90,
    "PartialFourier": 1,
    "BaseResolution": 384,
    "ShimSetting": [
        2941,
        -5838,
        3134,
        975,
        386,
        -262,
        534,
        -414
    ],
    "TxRefAmp": 282.604,
    "PhaseResolution": 1,
    "ReceiveCoilName": "8_Channel_Head",
    "CoilString": "PH1-8",
    "PulseSequenceDetails": "%SiemensSeq%\\tse",
    "RefLinesPE": 67,
    "PercentPhaseFOV": 87.5,
    "PercentSampling": 100,
    "EchoTrainLength": 17,
    "PhaseEncodingSteps": 339,
    "AcquisitionMatrixPE": 336,
    "ReconMatrixPE": 336,
    "ParallelReductionFactorInPlane": 2,
    "PixelBandwidth": 200,
    "PhaseEncodingDirection": "i",
    "SliceTiming": [
        0,
        170.641,
        4.92188,
        175.562,
        0.21875,
        170.859,
        5.14062,
        175.781,
        0.4375,
        171.078,
        5.35938,
        176,
        0.65625,
        171.297,
        5.57812,
        176.219,
        0.875,
        171.516,
        5.79688,
        176.438,
        1.09375,
        171.734,
        6.01562,
        176.656,
        1.3125,
        171.953,
        6.23438,
        176.875,
        1.53125,
        172.172,
        6.45312,
        177.094,
        1.75,
        172.391,
        6.67188,
        177.312,
        1.96875,
        172.609
    ],
    "ImageOrientationPatientDICOM": [
        0.997658,
        -0.0607079,
        0.031507,
        0.0613312,
        0.590122,
        -0.804981
    ],
    "InPlanePhaseEncodingDirectionDICOM": "ROW",
    "ConversionSoftware": "dcm2niix",
    "ConversionSoftwareVersion": "v1.0.20201102",
    "Dcm2bidsVersion": "3.0.2"
}