{
    "Modality": "MR",
    "MagneticFieldStrength": 3,
    "ImagingFrequency": 123.209,
    "Manufacturer": "Siemens",
    "ManufacturersModelName": "TrioTim",
    "InstitutionName": "DZNE",
    "InstitutionalDepartmentName": "Department",
    "InstitutionAddress": "Sigmund-Freund-Strasse 25,Bonn,Koeln,DE,53127",
    "DeviceSerialNumber": "35083",
    "StationName": "MRC35083",
    "PatientPosition": "HFS",
    "ProcedureStepDescription": "AG-006^BigData-Basis",
    "SoftwareVersions": "syngo MR B17",
    "MRAcquisitionType": "3D",
    "SeriesDescription": "flair_32ch_iso_1.0_T2sel",
    "ProtocolName": "flair_32ch_iso_1.0_T2sel",
    "ScanningSequence": "SE\\IR",
    "SequenceVariant": "SK\\SP\\MP",
    "ScanOptions": "IR\\PFP\\SAT1",
    "SequenceName": "*spcir3d1_286ns",
    "ImageType": [
        "ORIGINAL",
        "PRIMARY",
        "M",
        "ND",
        "NORM"
    ],
    "SeriesNumber": 4,
    "AcquisitionTime": "10:57:2.572500",
    "AcquisitionNumber": 1,
    "SliceThickness": 1,
    "SAR": 0.22214,
    "EchoTime": 0.388,
    "RepetitionTime": 5,
    "InversionTime": 1.8,
    "FlipAngle": 120,
    "PartialFourier": 1,
    "BaseResolution": 256,
    "ShimSetting": [
        12730,
        -26731,
        12152,
        174,
        243,
        -272,
        -153,
        225
    ],
    "TxRefAmp": 342.846,
    "PhaseResolution": 1.02344,
    "ReceiveCoilName": "32Ch_Head",
    "CoilString": "C:HEA;HEP",
    "PulseSequenceDetails": "%SiemensSeq%\\tse_vfl",
    "RefLinesPE": 24,
    "PercentPhaseFOV": 100,
    "PercentSampling": 102.344,
    "EchoTrainLength": 143,
    "PhaseEncodingSteps": 236,
    "AcquisitionMatrixPE": 262,
    "ReconMatrixPE": 256,
    "ParallelReductionFactorInPlane": 2,
    "PixelBandwidth": 781,
    "DwellTime": 2.5e-06,
    "PhaseEncodingDirection": "i",
    "ImageOrientationPatientDICOM": [
        -0.0424651,
        0.986581,
        -0.157651,
        0.0596849,
        -0.155007,
        -0.986109
    ],
    "InPlanePhaseEncodingDirectionDICOM": "ROW",
    "ConversionSoftware": "dcm2niix",
    "ConversionSoftwareVersion": "v1.0.20201102",
    "Dcm2bidsVersion": "3.0.2"
}