{
    "Modality": "MR",
    "MagneticFieldStrength": 3,
    "ImagingFrequency": 123.193,
    "Manufacturer": "Siemens",
    "ManufacturersModelName": "Trio",
    "InstitutionName": "Life&Brain - NeuroCognition",
    "InstitutionAddress": "25Sigmund-Freund-Strasse, Bonn, Koeln, 53127, DE",
    "DeviceSerialNumber": "20619",
    "StationName": "MRC20619",
    "PatientPosition": "HFS",
    "ProcedureStepDescription": "L&B_3T^Basis-Programme",
    "SoftwareVersions": "syngo MR A30 4VA30A",
    "MRAcquisitionType": "3D",
    "SeriesDescription": "flair_tse3dvfl_opt_fov_big",
    "ProtocolName": "flair_tse3dvfl_opt_fov_big",
    "ScanningSequence": "IR\\SE",
    "SequenceVariant": "SK\\SP\\MP",
    "ScanOptions": "IR",
    "SequenceName": "tir3d1_255ns",
    "ImageType": [
        "ORIGINAL",
        "PRIMARY",
        "M",
        "ND",
        "NORM"
    ],
    "SeriesNumber": 4,
    "AcquisitionTime": "16:45:33.702520",
    "AcquisitionNumber": 1,
    "SliceThickness": 1,
    "SAR": 0.16507,
    "EchoTime": 0.372,
    "RepetitionTime": 7,
    "InversionTime": 2.22,
    "FlipAngle": 120,
    "PartialFourier": 1,
    "BaseResolution": 256,
    "ShimSetting": [
        2921,
        -5822,
        3114,
        669,
        348,
        -785,
        131,
        175
    ],
    "TxRefAmp": 331.415,
    "PhaseResolution": 0.996094,
    "ReceiveCoilName": "8_Channel_Head",
    "CoilString": "PH1-8",
    "PulseSequenceDetails": "%CustomerSeq%\\tse_vfl",
    "PercentPhaseFOV": 100,
    "PercentSampling": 99.6094,
    "EchoTrainLength": 255,
    "PhaseEncodingSteps": 255,
    "AcquisitionMatrixPE": 255,
    "ReconMatrixPE": 256,
    "PixelBandwidth": 930,
    "PhaseEncodingDirection": "i",
    "ImageOrientationPatientDICOM": [
        -0.0266032,
        0.971233,
        0.23664,
        0.03516,
        0.237486,
        -0.970754
    ],
    "InPlanePhaseEncodingDirectionDICOM": "ROW",
    "ConversionSoftware": "dcm2niix",
    "ConversionSoftwareVersion": "v1.0.20201102",
    "Dcm2bidsVersion": "3.0.2"
}