{
    "Modality": "MR",
    "MagneticFieldStrength": 3,
    "ImagingFrequency": 123.193,
    "Manufacturer": "Siemens",
    "ManufacturersModelName": "Trio",
    "InstitutionName": "Life&Brain - NeuroCognition-3T",
    "InstitutionAddress": "25Sigmund-Freund-Strasse, Bonn, Koeln, 53127, DE",
    "DeviceSerialNumber": "20619",
    "StationName": "MRC20619",
    "PatientPosition": "HFS",
    "ProcedureStepDescription": "Struktur_3T_temp",
    "SoftwareVersions": "syngo MR A30 4VA30A",
    "MRAcquisitionType": "2D",
    "SeriesDescription": "flair_cor_3mm_0.7_acpc_opt",
    "ProtocolName": "flair_cor_3mm_0.7_acpc_opt",
    "ScanningSequence": "IR\\SE",
    "SequenceVariant": "SK\\SP\\MP\\OSP",
    "ScanOptions": "IR\\FS",
    "SequenceName": "*tir2d1rs15",
    "ImageType": [
        "ORIGINAL",
        "PRIMARY",
        "M",
        "ND",
        "NORM"
    ],
    "SeriesNumber": 6,
    "AcquisitionTime": "09:05:16.495000",
    "AcquisitionNumber": 1,
    "SliceThickness": 3.9,
    "SpacingBetweenSlices": 5.07,
    "SAR": 0.397386,
    "EchoTime": 0.105,
    "RepetitionTime": 9.99,
    "InversionTime": 2.65,
    "FlipAngle": 150,
    "PartialFourier": 1,
    "BaseResolution": 320,
    "ShimSetting": [
        2917,
        -5853,
        3121,
        560,
        50,
        -637,
        732,
        -332
    ],
    "TxRefAmp": 306.125,
    "PhaseResolution": 1,
    "ReceiveCoilName": "8_Channel_Head",
    "CoilString": "PH1-8",
    "PulseSequenceDetails": "%SiemensSeq%\\tse",
    "PercentPhaseFOV": 87.5,
    "PercentSampling": 100,
    "EchoTrainLength": 15,
    "PhaseEncodingSteps": 285,
    "AcquisitionMatrixPE": 280,
    "ReconMatrixPE": 280,
    "PixelBandwidth": 210,
    "PhaseEncodingDirection": "i",
    "SliceTiming": [
        0,
        129.789,
        5,
        134.914,
        0.25,
        130.039,
        5.25,
        135.164,
        0.5,
        130.289,
        5.5,
        135.414,
        0.75,
        130.539,
        5.74219,
        135.664,
        1,
        130.789,
        5.99219,
        135.914,
        1.25,
        131.039,
        6.24219,
        136.164,
        1.5,
        131.289,
        6.49219,
        136.406,
        1.75,
        131.539,
        6.74219,
        136.656,
        1.99219,
        131.789,
        6.99219
    ],
    "ImageOrientationPatientDICOM": [
        0.996512,
        0.0689262,
        -0.0470442,
        -0.0417053,
        -0.0769488,
        -0.996162
    ],
    "InPlanePhaseEncodingDirectionDICOM": "ROW",
    "ConversionSoftware": "dcm2niix",
    "ConversionSoftwareVersion": "v1.0.20201102",
    "Dcm2bidsVersion": "3.0.2"
}