{
    "Modality": "MR",
    "MagneticFieldStrength": 3,
    "ImagingFrequency": 123.245,
    "Manufacturer": "Siemens",
    "ManufacturersModelName": "Trio",
    "InstitutionName": "Life&Brain - NeuroCognition-3T",
    "InstitutionAddress": "25Sigmund-Freund-Strasse, Bonn, Koeln, 53127, DE",
    "DeviceSerialNumber": "20619",
    "StationName": "MRC20619",
    "PatientPosition": "HFS",
    "ProcedureStepDescription": "Struktur_3T_temp",
    "SoftwareVersions": "syngo MR A30 4VA30A",
    "MRAcquisitionType": "3D",
    "SeriesDescription": "t1_mpr_ns_sag_1x1x1",
    "ProtocolName": "t1_mpr_ns_sag_1x1x1",
    "ScanningSequence": "IR\\GR",
    "SequenceVariant": "SP\\MP\\OSP",
    "ScanOptions": "IR",
    "SequenceName": "*tfl3d1_ns",
    "ImageType": [
        "ORIGINAL",
        "PRIMARY",
        "M",
        "ND"
    ],
    "SeriesNumber": 3,
    "AcquisitionTime": "08:10:9.024990",
    "AcquisitionNumber": 1,
    "SliceThickness": 1,
    "SAR": 0.161095,
    "EchoTime": 0.00342,
    "RepetitionTime": 1.57,
    "InversionTime": 0.8,
    "FlipAngle": 15,
    "PartialFourier": 1,
    "BaseResolution": 256,
    "ShimSetting": [
        2933,
        -5845,
        3096,
        301,
        315,
        174,
        462,
        -437
    ],
    "TxRefAmp": 285.671,
    "PhaseResolution": 1,
    "PhaseOversampling": 0.25,
    "ReceiveCoilName": "8_Channel_Head",
    "CoilString": "PH1-8",
    "PulseSequenceDetails": "%SiemensSeq%\\tfl",
    "PercentPhaseFOV": 100,
    "PercentSampling": 100,
    "PhaseEncodingSteps": 320,
    "AcquisitionMatrixPE": 256,
    "ReconMatrixPE": 256,
    "PixelBandwidth": 150,
    "ImageOrientationPatientDICOM": [
        -0.0113219,
        0.961688,
        0.273914,
        0.0203451,
        0.274097,
        -0.961487
    ],
    "InPlanePhaseEncodingDirectionDICOM": "ROW",
    "ConversionSoftware": "dcm2niix",
    "ConversionSoftwareVersion": "v1.0.20201102",
    "Dcm2bidsVersion": "3.0.2"
}