{
    "Modality": "MR",
    "MagneticFieldStrength": 3,
    "ImagingFrequency": 123.26,
    "Manufacturer": "Siemens",
    "ManufacturersModelName": "TrioTim",
    "InstitutionName": "Life u. Brain GmbH",
    "InstitutionalDepartmentName": "Department",
    "InstitutionAddress": "Sigmund-Freund-Strasse 25,Bonn,Koeln,DE,53127",
    "DeviceSerialNumber": "35083",
    "StationName": "MRC35083",
    "PatientPosition": "HFS",
    "ProcedureStepDescription": "VBM 3 Tesla",
    "SoftwareVersions": "syngo MR B17",
    "MRAcquisitionType": "3D",
    "SeriesDescription": "flair_32ch_iso_1.0_T2sel",
    "ProtocolName": "flair_32ch_iso_1.0_T2sel",
    "ScanningSequence": "SE\\IR",
    "SequenceVariant": "SK\\SP\\MP",
    "ScanOptions": "IR\\PFP\\SAT1",
    "SequenceName": "*spcir3d1_286ns",
    "ImageType": [
        "ORIGINAL",
        "PRIMARY",
        "M",
        "ND",
        "NORM"
    ],
    "SeriesNumber": 6,
    "AcquisitionTime": "12:35:27.560000",
    "AcquisitionNumber": 1,
    "SliceThickness": 1,
    "SAR": 0.36581,
    "EchoTime": 0.388,
    "RepetitionTime": 5,
    "InversionTime": 1.8,
    "FlipAngle": 120,
    "PartialFourier": 1,
    "BaseResolution": 256,
    "ShimSetting": [
        12830,
        -27448,
        11310,
        295,
        -282,
        -210,
        663,
        -91
    ],
    "TxRefAmp": 407.7,
    "PhaseResolution": 1.02344,
    "ReceiveCoilName": "32Ch_Head",
    "CoilString": "C:HEA;HEP",
    "PulseSequenceDetails": "%SiemensSeq%\\tse_vfl",
    "RefLinesPE": 24,
    "PercentPhaseFOV": 100,
    "PercentSampling": 102.344,
    "EchoTrainLength": 143,
    "PhaseEncodingSteps": 236,
    "AcquisitionMatrixPE": 262,
    "ReconMatrixPE": 256,
    "ParallelReductionFactorInPlane": 2,
    "PixelBandwidth": 781,
    "DwellTime": 2.5e-06,
    "PhaseEncodingDirection": "i",
    "ImageOrientationPatientDICOM": [
        -0.0995406,
        0.993147,
        -0.0612384,
        0.0870872,
        -0.0526124,
        -0.99481
    ],
    "InPlanePhaseEncodingDirectionDICOM": "ROW",
    "ConversionSoftware": "dcm2niix",
    "ConversionSoftwareVersion": "v1.0.20201102",
    "Dcm2bidsVersion": "3.0.2"
}