{
    "Modality": "MR",
    "MagneticFieldStrength": 3,
    "ImagingFrequency": 123.193,
    "Manufacturer": "Siemens",
    "ManufacturersModelName": "Trio",
    "InstitutionName": "Life&Brain - NeuroCognition",
    "InstitutionAddress": "25Sigmund-Freund-Strasse, Bonn, Koeln, 53127, DE",
    "DeviceSerialNumber": "20619",
    "StationName": "MRC20619",
    "PatientPosition": "HFS",
    "ProcedureStepDescription": "VBM 3 Tesla",
    "SoftwareVersions": "syngo MR A30 4VA30A",
    "MRAcquisitionType": "2D",
    "SeriesDescription": "flair_tra_acpc_4mm_0,7x0,7",
    "ProtocolName": "flair_tra_acpc_4mm_0,7x0,7",
    "ScanningSequence": "IR\\SE",
    "SequenceVariant": "SK\\SP\\MP\\OSP",
    "ScanOptions": "IR",
    "SequenceName": "*tir2d1rs17",
    "ImageType": [
        "ORIGINAL",
        "PRIMARY",
        "M",
        "ND"
    ],
    "SeriesNumber": 5,
    "AcquisitionTime": "12:28:14.442510",
    "AcquisitionNumber": 1,
    "SliceThickness": 3.5,
    "SpacingBetweenSlices": 3.675,
    "SAR": 0.398489,
    "NumberOfAverages": 2,
    "EchoTime": 0.136,
    "RepetitionTime": 9.64,
    "InversionTime": 2.55,
    "FlipAngle": 90,
    "PartialFourier": 1,
    "BaseResolution": 384,
    "ShimSetting": [
        2927,
        -5829,
        3123,
        1144,
        226,
        -269,
        -917,
        -26
    ],
    "TxRefAmp": 311.48,
    "PhaseResolution": 1,
    "ReceiveCoilName": "8_Channel_Head",
    "CoilString": "PH1-8",
    "PulseSequenceDetails": "%SiemensSeq%\\tse",
    "RefLinesPE": 61,
    "PercentPhaseFOV": 87.5,
    "PercentSampling": 100,
    "EchoTrainLength": 17,
    "PhaseEncodingSteps": 339,
    "AcquisitionMatrixPE": 336,
    "ReconMatrixPE": 336,
    "ParallelReductionFactorInPlane": 3,
    "PixelBandwidth": 200,
    "PhaseEncodingDirection": "i",
    "SliceTiming": [
        0,
        152.797,
        4.82031,
        157.617,
        0.21094,
        153.016,
        5.03125,
        157.836,
        0.4375,
        153.234,
        5.25781,
        158.055,
        0.64844,
        153.453,
        5.46875,
        158.273,
        0.875,
        153.672,
        5.69531,
        158.492,
        1.08594,
        153.891,
        5.90625,
        158.711,
        1.3125,
        154.109,
        6.13281,
        158.93,
        1.52344,
        154.328,
        6.34375,
        159.148,
        1.75,
        154.547,
        6.57031,
        159.367
    ],
    "ImageOrientationPatientDICOM": [
        0.99854,
        0.0540028,
        -0.000892984,
        -0.0535547,
        0.992127,
        0.113211
    ],
    "InPlanePhaseEncodingDirectionDICOM": "ROW",
    "ConversionSoftware": "dcm2niix",
    "ConversionSoftwareVersion": "v1.0.20201102",
    "Dcm2bidsVersion": "3.0.2"
}