{
    "Modality": "MR",
    "MagneticFieldStrength": 3,
    "ImagingFrequency": 123.193,
    "Manufacturer": "Siemens",
    "ManufacturersModelName": "Trio",
    "InstitutionName": "Life&Brain - NeuroCognition",
    "InstitutionAddress": "25Sigmund-Freund-Strasse, Bonn, Koeln, 53127, DE",
    "DeviceSerialNumber": "20619",
    "StationName": "MRC20619",
    "PatientPosition": "HFS",
    "ProcedureStepDescription": "VBM 3 Tesla",
    "SoftwareVersions": "syngo MR A30 4VA30A",
    "MRAcquisitionType": "3D",
    "SeriesDescription": "t1_mpr_ns_sag_1x1x1",
    "ProtocolName": "t1_mpr_ns_sag_1x1x1",
    "ScanningSequence": "IR\\GR",
    "SequenceVariant": "SP\\MP\\OSP",
    "ScanOptions": "IR",
    "SequenceName": "*tfl3d1_ns",
    "ImageType": [
        "ORIGINAL",
        "PRIMARY",
        "M",
        "ND"
    ],
    "SeriesNumber": 2,
    "AcquisitionTime": "10:23:45.087490",
    "AcquisitionNumber": 1,
    "SliceThickness": 1,
    "SAR": 0.245422,
    "EchoTime": 0.00342,
    "RepetitionTime": 1.57,
    "InversionTime": 0.8,
    "FlipAngle": 15,
    "PartialFourier": 1,
    "BaseResolution": 256,
    "ShimSetting": [
        2936,
        -5829,
        3027,
        28,
        279,
        -127,
        -261,
        -196
    ],
    "TxRefAmp": 276.68,
    "PhaseResolution": 1,
    "PhaseOversampling": 0.25,
    "ReceiveCoilName": "8_Channel_Head",
    "CoilString": "PH1-8",
    "PulseSequenceDetails": "%SiemensSeq%\\tfl",
    "PercentPhaseFOV": 100,
    "PercentSampling": 100,
    "PhaseEncodingSteps": 320,
    "AcquisitionMatrixPE": 256,
    "ReconMatrixPE": 256,
    "PixelBandwidth": 150,
    "ImageOrientationPatientDICOM": [
        0.0327209,
        0.999465,
        1.19504e-08,
        0.017565,
        -0.000575038,
        -0.999846
    ],
    "InPlanePhaseEncodingDirectionDICOM": "ROW",
    "ConversionSoftware": "dcm2niix",
    "ConversionSoftwareVersion": "v1.0.20201102",
    "Dcm2bidsVersion": "3.0.2"
}