{
    "Modality": "MR",
    "MagneticFieldStrength": 3,
    "ImagingFrequency": 123.209,
    "Manufacturer": "Siemens",
    "ManufacturersModelName": "TrioTim",
    "InstitutionName": "Life u. Brain GmbH",
    "InstitutionalDepartmentName": "Department",
    "InstitutionAddress": "Sigmund-Freund-Strasse 25,Bonn,Koeln,DE,53127",
    "DeviceSerialNumber": "35083",
    "StationName": "MRC35083",
    "PatientPosition": "HFS",
    "ProcedureStepDescription": "AG-006^martin",
    "SoftwareVersions": "syngo MR B17",
    "MRAcquisitionType": "3D",
    "SeriesDescription": "flair_32ch_iso_1.0_T2sel",
    "ProtocolName": "flair_32ch_iso_1.0_T2sel",
    "ScanningSequence": "SE\\IR",
    "SequenceVariant": "SK\\SP\\MP",
    "ScanOptions": "IR\\PFP\\SAT1",
    "SequenceName": "*spcir3d1_286ns",
    "ImageType": [
        "ORIGINAL",
        "PRIMARY",
        "M",
        "ND",
        "NORM"
    ],
    "SeriesNumber": 7,
    "AcquisitionTime": "19:41:57.562500",
    "AcquisitionNumber": 1,
    "SliceThickness": 1,
    "SAR": 0.249938,
    "EchoTime": 0.388,
    "RepetitionTime": 5,
    "InversionTime": 1.8,
    "FlipAngle": 120,
    "PartialFourier": 1,
    "BaseResolution": 256,
    "ShimSetting": [
        12675,
        -26794,
        12131,
        225,
        142,
        -409,
        -83,
        328
    ],
    "TxRefAmp": 336.974,
    "PhaseResolution": 1.02344,
    "ReceiveCoilName": "32Ch_Head",
    "CoilString": "C:HEA;HEP",
    "PulseSequenceDetails": "%SiemensSeq%\\tse_vfl",
    "RefLinesPE": 24,
    "PercentPhaseFOV": 100,
    "PercentSampling": 102.344,
    "EchoTrainLength": 143,
    "PhaseEncodingSteps": 236,
    "AcquisitionMatrixPE": 262,
    "ReconMatrixPE": 256,
    "ParallelReductionFactorInPlane": 2,
    "PixelBandwidth": 781,
    "DwellTime": 2.5e-06,
    "PhaseEncodingDirection": "i",
    "ImageOrientationPatientDICOM": [
        -0.00912366,
        0.999918,
        0.00904102,
        0.0168386,
        0.00919375,
        -0.999816
    ],
    "InPlanePhaseEncodingDirectionDICOM": "ROW",
    "ConversionSoftware": "dcm2niix",
    "ConversionSoftwareVersion": "v1.0.20201102",
    "Dcm2bidsVersion": "3.0.2"
}