{
    "Modality": "MR",
    "MagneticFieldStrength": 3,
    "ImagingFrequency": 123.193,
    "Manufacturer": "Siemens",
    "ManufacturersModelName": "Trio",
    "InstitutionName": "Life&Brain - NeuroCognition-3T",
    "InstitutionAddress": "25Sigmund-Freund-Strasse, Bonn, Koeln, 53127, Deutschland",
    "DeviceSerialNumber": "20619",
    "StationName": "MRC20619",
    "PatientPosition": "HFS",
    "ProcedureStepDescription": "L&B_3T^Epilepsie Struktur_3T",
    "SoftwareVersions": "syngo MR 2004A 4VA25A",
    "MRAcquisitionType": "3D",
    "SeriesDescription": "t1_mpr_ns_sag_1x1x1",
    "ProtocolName": "t1_mpr_ns_sag_1x1x1",
    "ScanningSequence": "IR\\GR",
    "SequenceVariant": "SP\\MP\\OSP",
    "ScanOptions": "IR",
    "SequenceName": "*tfl3d1_ns",
    "ImageType": [
        "ORIGINAL",
        "PRIMARY",
        "M",
        "ND"
    ],
    "SeriesNumber": 5,
    "AcquisitionTime": "13:34:14.777500",
    "AcquisitionNumber": 1,
    "SliceThickness": 1,
    "SAR": 0.133563,
    "EchoTime": 0.00342,
    "RepetitionTime": 1.57,
    "InversionTime": 0.8,
    "FlipAngle": 15,
    "PartialFourier": 1,
    "BaseResolution": 256,
    "ShimSetting": [
        2926,
        -5820,
        3028,
        29,
        314,
        -54,
        -188,
        -223
    ],
    "TxRefAmp": 255.08,
    "PhaseResolution": 1,
    "PhaseOversampling": 0.25,
    "ReceiveCoilName": "8_Channel_Head",
    "PulseSequenceDetails": "%SiemensSeq%\\tfl",
    "PercentPhaseFOV": 100,
    "PercentSampling": 100,
    "PhaseEncodingSteps": 320,
    "AcquisitionMatrixPE": 256,
    "ReconMatrixPE": 256,
    "PixelBandwidth": 150,
    "ImageOrientationPatientDICOM": [
        -0.0482462,
        0.998836,
        -1.31682e-08,
        -0.0357196,
        -0.00172536,
        -0.99936
    ],
    "InPlanePhaseEncodingDirectionDICOM": "ROW",
    "ConversionSoftware": "dcm2niix",
    "ConversionSoftwareVersion": "v1.0.20201102",
    "Dcm2bidsVersion": "3.0.2"
}